GEM
  remote: https://rubygems.org/
  specs:
    haml (4.0.2)
      tilt
    json (1.7.7)
    rack (1.5.2)
    rack-protection (1.5.0)
      rack
    rdoc (3.12.2)
      json (~> 1.4)
    sdoc (0.3.20)
      json (>= 1.1.3)
      rdoc (~> 3.10)
    sinatra (1.4.2)
      rack (~> 1.5, >= 1.5.2)
      rack-protection (~> 1.4)
      tilt (~> 1.3, >= 1.3.4)
    tilt (1.3.7)

PLATFORMS
  ruby

DEPENDENCIES
  haml
  sdoc
  sinatra
